GEM
  remote: https://rubygems.org/
  specs:
    byebug (9.0.5)
    dalli (2.7.6)

PLATFORMS
  ruby

DEPENDENCIES
  byebug
  dalli

BUNDLED WITH
   1.11.2
